PATH
  remote: .
  specs:
    factory_girl_upgrader (0.1.0)
      activesupport (~> 3.0.10)
      factory_girl (~> 2.0)
      i18n (~> 0.6.0)
      ruby_parser (~> 2.3.1)
      ruby_scribe (~> 0.1.0)
      ruby_transform (~> 0.1.0)
      thor (~> 0.13)

GEM
  remote: http://rubygems.org/
  specs:
    activesupport (3.0.10)
    diff-lcs (1.1.3)
    factory_girl (2.1.0)
    i18n (0.6.0)
    rspec (2.6.0)
      rspec-core (~> 2.6.0)
      rspec-expectations (~> 2.6.0)
      rspec-mocks (~> 2.6.0)
    rspec-core (2.6.4)
    rspec-expectations (2.6.0)
      diff-lcs (~> 1.1.2)
    rspec-mocks (2.6.0)
    ruby_parser (2.3.1)
      sexp_processor (~> 3.0)
    ruby_scribe (0.1.2)
      activesupport (~> 3.0.10)
      i18n (~> 0.6.0)
      ruby_parser (~> 2.3.1)
      thor (~> 0.13)
    ruby_transform (0.1.1)
      activesupport (~> 3.0.10)
      i18n (~> 0.6.0)
      ruby_parser (~> 2.3.1)
      ruby_scribe (~> 0.1.0)
      thor (~> 0.13)
    sexp_processor (3.0.7)
    thor (0.14.6)

PLATFORMS
  ruby

DEPENDENCIES
  factory_girl_upgrader!
  rspec (~> 2.0)
